GEM
  remote: https://rubygems.org/
  specs:
    binding_of_caller (1.0.0)
      debug_inspector (>= 0.0.1)
    byebug (11.1.3)
    coderay (1.1.3)
    connection_pool (2.3.0)
    debug_inspector (1.1.0)
    method_source (1.0.0)
    minitest (5.16.3)
    pg (1.4.5)
    pry (0.14.1)
      coderay (~> 1.1)
      method_source (~> 1.0)
    pry-byebug (3.10.1)
      byebug (~> 11.0)
      pry (>= 0.13, < 0.15)
    pry-doc (1.3.0)
      pry (~> 0.11)
      yard (~> 0.9.11)
    pry-stack_explorer (0.6.1)
      binding_of_caller (~> 1.0)
      pry (~> 0.13)
    rack (2.2.5)
    rack-test (2.0.2)
      rack (>= 1.3)
    rackup (0.1.0)
      rack
      webrick
    rake (13.0.6)
    redis (5.0.5)
      redis-client (>= 0.9.0)
    redis-client (0.11.2)
      connection_pool
    webrick (1.7.0)
    yard (0.9.28)
      webrick (~> 1.7.0)

PLATFORMS
  x86_64-linux

DEPENDENCIES
  connection_pool
  minitest
  pg
  pry-byebug
  pry-doc
  pry-stack_explorer
  rack (~> 2.0, >= 2.2.0)
  rack-test
  rackup
  rake
  redis

RUBY VERSION
   ruby 3.2.0p0

BUNDLED WITH
   2.4.1
